PATH
  remote: .
  specs:
    percy-ios (1.0.0.alpha)
      chunky_png (~> 1.3.1)
      percy-client (~> 1.9.0)
      plist (~> 3.2.0)

GEM
  remote: https://rubygems.org/
  specs:
    chunky_png (1.3.7)
    diff-lcs (1.2.5)
    faraday (0.9.2)
      multipart-post (>= 1.2, < 3)
    httpclient (2.8.2.4)
    multipart-post (2.0.0)
    percy-client (1.9.0)
      faraday (>= 0.9)
      httpclient (>= 2.6)
    plist (3.2.0)
    rspec (3.5.0)
      rspec-core (~> 3.5.0)
      rspec-expectations (~> 3.5.0)
      rspec-mocks (~> 3.5.0)
    rspec-core (3.5.4)
      rspec-support (~> 3.5.0)
    rspec-expectations (3.5.0)
      diff-lcs (>= 1.2.0, < 2.0)
      rspec-support (~> 3.5.0)
    rspec-mocks (3.5.0)
      diff-lcs (>= 1.2.0, < 2.0)
      rspec-support (~> 3.5.0)
    rspec-support (3.5.0)

PLATFORMS
  ruby

DEPENDENCIES
  percy-ios!
  rspec (~> 3.2)

BUNDLED WITH
   1.13.6
